GEM
  remote: https://rubygems.org/
  specs:
    minitest (3.0.1)

PLATFORMS
  ruby

DEPENDENCIES
  minitest
